GEM
  remote: http://rubygems.org/
  specs:
    json (2.3.0)
    macaddr (1.5.0)
      systemu (>= 2.4.0)
    multi_json (1.2.0)
    rack (1.4.1)
    rack-protection (1.2.0)
      rack
    redis (2.2.2)
    redis-namespace (1.0.3)
      redis (< 3.0.0)
    redisk (0.2.2)
      redis (>= 0.1.1)
      redis-namespace (>= 0.1.0)
    resque (1.20.0)
      multi_json (~> 1.0)
      redis-namespace (~> 1.0.2)
      sinatra (>= 0.9.2)
      vegas (~> 0.1.2)
    resque-scheduler (1.9.9)
      redis (>= 2.0.1)
      resque (>= 1.8.0)
      rufus-scheduler
    resque-status (0.2.4)
      redisk (>= 0.2.1)
      resque (>= 1.3.1)
      uuid (>= 2.0.2)
    rufus-scheduler (2.0.10)
      tzinfo (>= 0.3.23)
    sinatra (1.3.2)
      rack (~> 1.3, >= 1.3.6)
      rack-protection (~> 1.2)
      tilt (~> 1.3, >= 1.3.3)
    systemu (2.5.0)
    tilt (1.3.3)
    tzinfo (0.3.29)
    uuid (2.3.5)
      macaddr (~> 1.0)
    vegas (0.1.11)
      rack (>= 1.0.0)

PLATFORMS
  ruby

DEPENDENCIES
  json
  resque
  resque-scheduler
  resque-status (~> 0.2.4)
